GEM
  remote: http://gemcutter.org/
  remote: http://gems.github.com/
  specs:
    actionmailer (2.3.16)
      actionpack (= 2.3.16)
    actionpack (2.3.16)
      activesupport (= 2.3.16)
      rack (~> 1.1.0)
    activerecord (2.3.16)
      activesupport (= 2.3.16)
    activeresource (2.3.16)
      activesupport (= 2.3.16)
    activesupport (2.3.16)
    builder (3.0.0)
    commonwatir (3.0.0)
    factory_girl (2.6.4)
      activesupport (>= 2.3.16)
    ffi (1.0.11)
    hoe (2.12.2)
      rake (~> 0.8)
    hoptoad_notifier (2.3.2)
      activesupport
    nokogiri (1.5.5)
    nokogiri (1.5.5-x86-mingw32)
    pg (0.14.1)
    pg (0.14.1-x86-mingw32)
    rack (1.1.6)
    rails (2.3.16)
      actionmailer (= 2.3.16)
      actionpack (= 2.3.16)
      activerecord (= 2.3.16)
      activeresource (= 2.3.16)
      activesupport (= 2.3.16)
      rake (>= 0.8.3)
    rake (0.8.7)
    rautomation (0.7.2)
    s4t-utils (1.0.4)
      hoe (>= 1.3.0)
    user-choices (1.1.6.1)
      builder (>= 2.1.2)
      s4t-utils (>= 1.0.3)
      xml-simple (>= 1.0.11)
    watir (3.0.0)
      commonwatir (= 3.0.0)
      watir-classic (~> 3)
    watir-classic (3.0.0)
      ffi (~> 1.0)
      nokogiri
      rautomation (~> 0.7.2)
      user-choices
      win32-process (>= 0.5.5)
      windows-pr (>= 0.6.6)
    will_paginate (2.3.16)
    win32-api (1.4.8)
    win32-api (1.4.8-x86-mingw32)
    win32-process (0.6.5)
      windows-pr (>= 1.1.2)
    windows-api (0.4.2)
      win32-api (>= 1.4.5)
    windows-pr (1.2.2)
      win32-api (>= 1.4.5)
      windows-api (>= 0.3.0)
    xml-simple (1.1.1)

PLATFORMS
  x86-mingw32

DEPENDENCIES
  factory_girl
  ffi (= 1.0.11)
  hoe (= 2.12.2)
  hoptoad_notifier (= 2.3.2)
  pg (= 0.14.1)
  rails (= 2.3.16)
  rake (= 0.8.7)
  watir
  will_paginate (~> 2.3.15)
