GEM
  remote: http://gemcutter.org/
  remote: http://gems.github.com/
  specs:
    actionmailer (2.3.9)
      actionpack (= 2.3.9)
    actionpack (2.3.9)
      activesupport (= 2.3.9)
      rack (~> 1.1.0)
    activerecord (2.3.9)
      activesupport (= 2.3.9)
    activeresource (2.3.9)
      activesupport (= 2.3.9)
    activesupport (2.3.9)
    builder (2.1.2)
    commonwatir (2.0.1)
      user-choices
    factory_girl (1.3.3)
    ffi (1.0.9-x86-mingw32)
    hoe (2.12.2)
      rake (~> 0.8)
    hoptoad_notifier (2.3.2)
      activesupport
    nokogiri (1.5.0-x86-mingw32)
    pg (0.10.0)
    rack (1.1.0)
    rails (2.3.9)
      actionmailer (= 2.3.9)
      actionpack (= 2.3.9)
      activerecord (= 2.3.9)
      activeresource (= 2.3.9)
      activesupport (= 2.3.9)
      rake (>= 0.8.3)
    rake (0.8.7)
    rautomation (0.6.3)
    s4t-utils (1.0.4)
      hoe (>= 1.3.0)
    sqlite3 (1.3.3)
    sqlite3 (1.3.3-x86-mingw32)
    sqlite3-ruby (1.3.3)
      sqlite3 (>= 1.3.3)
    user-choices (1.1.6.1)
      builder (>= 2.1.2)
      s4t-utils (>= 1.0.3)
      xml-simple (>= 1.0.11)
    watir (2.0.1)
      commonwatir (= 2.0.1)
      ffi (~> 1.0)
      nokogiri
      rautomation (~> 0.6.3)
      win32-process (>= 0.5.5)
      windows-pr (>= 0.6.6)
    will_paginate (2.3.15)
    win32-api (1.4.8-x86-mingw32)
    win32-process (0.6.5)
      windows-pr (>= 1.1.2)
    windows-api (0.4.0)
      win32-api (>= 1.4.5)
    windows-pr (1.2.1)
      win32-api (>= 1.4.5)
      windows-api (>= 0.3.0)
    xml-simple (1.1.0)

PLATFORMS
  ruby
  x86-mingw32

DEPENDENCIES
  factory_girl
  hoptoad_notifier (= 2.3.2)
  pg (= 0.10.0)
  rails (= 2.3.9)
  rake (= 0.8.7)
  sqlite3-ruby
  watir (= 2.0.1)
  will_paginate (~> 2.3.15)
