GEM
  remote: http://gemcutter.org/
  remote: http://gems.github.com/
  specs:
    actionmailer (2.3.9)
      actionpack (= 2.3.9)
    actionpack (2.3.9)
      activesupport (= 2.3.9)
      rack (~> 1.1.0)
    activerecord (2.3.9)
      activesupport (= 2.3.9)
    activeresource (2.3.9)
      activesupport (= 2.3.9)
    activesupport (2.3.9)
    childprocess (0.5.5)
      ffi (~> 1.0, >= 1.0.11)
    commonwatir (4.0.0)
    dotenv (0.7.0)
    factory_girl (2.6.4)
      activesupport (>= 2.3.9)
    ffi (1.0.11)
    foreman (0.67.0)
      dotenv (~> 0.7.0)
      thor (~> 0.17.0)
    hoe (2.12.2)
      rake (~> 0.8)
    hoptoad_notifier (2.3.2)
      activesupport
    kgio (2.9.3)
    multi_json (1.10.1)
    pg (0.14.1)
    posix-spawn (0.3.8)
    rack (1.1.6)
    rails (2.3.9)
      actionmailer (= 2.3.9)
      actionpack (= 2.3.9)
      activerecord (= 2.3.9)
      activeresource (= 2.3.9)
      activesupport (= 2.3.9)
      rake (>= 0.8.3)
    raindrops (0.13.0)
    rake (0.8.7)
    rubyzip (0.9.9)
    selenium-webdriver (2.35.1)
      childprocess (>= 0.2.5)
      multi_json (~> 1.0)
      rubyzip (< 1.0.0)
      websocket (~> 1.0.4)
    thor (0.17.0)
    unicorn (4.8.3)
      kgio (~> 2.6)
      rack
      raindrops (~> 0.7)
    watir (5.0.0)
      commonwatir (~> 4)
      watir-webdriver
    watir-webdriver (0.6.11)
      selenium-webdriver (>= 2.18.0)
    websocket (1.0.7)
    will_paginate (2.3.16)

PLATFORMS
  ruby

DEPENDENCIES
  factory_girl
  ffi (= 1.0.11)
  foreman (~> 0.67.0)
  hoe (= 2.12.2)
  hoptoad_notifier (= 2.3.2)
  pg (= 0.14.1)
  posix-spawn (= 0.3.8)
  rails (= 2.3.9)
  rake (= 0.8.7)
  rubyzip (= 0.9.9)
  unicorn
  watir
  will_paginate (~> 2.3.15)
  win32-process (= 0.6.5)
